PATH
  remote: .
  specs:
    scrapi (2.0.0)
      tidy_ffi (>= 0.1.2)

GEM
  remote: http://rubygems.org/
  specs:
    ffi (1.2.1)
    tidy_ffi (0.1.5)
      ffi (~> 1.2.0)

PLATFORMS
  ruby

DEPENDENCIES
  scrapi!
