PATH
  remote: .
  specs:
    scrapi (2.0.0)
      tidy_ffi (>= 0.1.2)

GEM
  remote: http://rubygems.org/
  specs:
    ffi (1.1.5)
    tidy_ffi (0.1.4)
      ffi (>= 0.3.5)

PLATFORMS
  ruby

DEPENDENCIES
  scrapi!
